GEM
  remote: https://rubygems.org/
  specs:
    actionmailer (2.3.2)
      actionpack (= 2.3.2)
    actionpack (2.3.2)
      activesupport (= 2.3.2)
    activerecord (3.2.14)
    activesupport (2.3.2)
    addressable (2.8.1)
      public_suffix (>= 2.0.2, < 6.0)
    bcrypt (3.1.13)
    byebug (11.1.3)
    dotenv (2.7.5)
    launchy (2.5.0)
      addressable (~> 2.7)
    letter_opener (1.8.1)
      launchy (>= 2.2, < 3)
    mini_portile2 (2.8.0)
    nio4r (2.5.2)
    nokogiri (1.13.9)
      mini_portile2 (~> 2.8.0)
      racc (~> 1.4)
    pg (1.2.2)
    public_suffix (4.0.3)
    puma (6.0.0)
      nio4r (~> 2.0)
    racc (1.6.0)
    rack (3.0.0)
    tilt (2.0.10)

PLATFORMS
  ruby

DEPENDENCIES
  actionmailer
  activerecord
  bcrypt
  byebug
  dotenv
  letter_opener
  pg
  puma
  rack
  tilt

BUNDLED WITH
   2.0.2
